GEM
  remote: https://rubygems.org/
  specs:
    activesupport (3.2.17)
      i18n (~> 0.6, >= 0.6.4)
      multi_json (~> 1.0)
    daemons (1.1.9)
    dotenv (0.10.0)
    eventmachine (1.0.3)
    foreman (0.63.0)
      dotenv (>= 0.7)
      thor (>= 0.13.6)
    i18n (0.6.9)
    multi_json (1.9.2)
    rack (1.5.2)
    shotgun (0.9)
      rack (>= 1.0)
    sinatra (1.0)
      rack (>= 1.0)
    thin (1.6.2)
      daemons (>= 1.0.9)
      eventmachine (>= 1.0.0)
      rack (>= 1.0.0)
    thor (0.18.1)
    yajl-ruby (1.2.0)

PLATFORMS
  ruby

DEPENDENCIES
  activesupport
  foreman
  multi_json
  shotgun
  sinatra
  thin
  yajl-ruby
